GEM
  remote: https://rubygems.org/
  specs:
    addressable (2.8.0)
      public_suffix (>= 2.0.2, < 5.0)
    builder (3.2.4)
    concurrent-ruby (1.1.5)
    ffi (1.11.3)
    haml (5.1.2)
      temple (>= 0.8.0)
      tilt
    mustermann (2.0.2)
      ruby2_keywords (~> 0.0.1)
    public_suffix (4.0.7)
    rack (2.2.8.1)
    rack-protection (2.2.3)
      rack
    rb-fsevent (0.10.3)
    rb-inotify (0.10.1)
      ffi (~> 1.0)
    redcarpet (3.5.1)
    rouge (3.14.0)
    ruby2_keywords (0.0.5)
    sass (3.7.4)
      sass-listen (~> 4.0.0)
    sass-listen (4.0.0)
      rb-fsevent (~> 0.9, >= 0.9.4)
      rb-inotify (~> 0.9, >= 0.9.7)
    sinatra (2.2.3)
      mustermann (~> 2.0)
      rack (~> 2.2)
      rack-protection (= 2.2.3)
      tilt (~> 2.0)
    sprockets (3.7.2)
      concurrent-ruby (~> 1.0)
      rack (> 1, < 3)
    sprockets-helpers (1.2.1)
      sprockets (>= 2.2)
    temple (0.8.2)
    tilt (2.1.0)

PLATFORMS
  ruby

DEPENDENCIES
  addressable
  builder
  haml
  redcarpet
  rouge
  sass
  sinatra
  sprockets (~> 3.7)
  sprockets-helpers

RUBY VERSION
   ruby 2.7.0p0

BUNDLED WITH
   2.1.3
